PATH
  remote: .
  specs:
    zenpush (0.2.0)
      awesome_print (~> 1.0.0)
      boson (~> 1.0)
      httparty (~> 0.8.0)
      json_pure (~> 1.5.1)
      pygments.rb (~> 0.4.2)
      redcarpet (~> 2.1.0)

GEM
  remote: http://rubygems.org/
  specs:
    awesome_print (1.0.2)
    boson (1.2.4)
    httparty (0.8.3)
      multi_json (~> 1.0)
      multi_xml
    json_pure (1.5.5)
      spruz (~> 0.2.8)
    multi_json (1.6.1)
    multi_xml (0.5.3)
    posix-spawn (0.3.6)
    pygments.rb (0.4.2)
      posix-spawn (~> 0.3.6)
      yajl-ruby (~> 1.1.0)
    rake (0.9.2.2)
    redcarpet (2.1.1)
    spruz (0.2.13)
    yajl-ruby (1.1.0)

PLATFORMS
  ruby

DEPENDENCIES
  rake
  zenpush!
